GEM
  remote: https://rubygems.org/
  specs:
    chunky_png (1.3.4)
    curb (0.8.8)

PLATFORMS
  ruby

DEPENDENCIES
  chunky_png
  curb
