GEM
  remote: https://rubygems.org/
  specs:
    curb (0.8.8)

PLATFORMS
  ruby

DEPENDENCIES
  curb
